GEM
  remote: https://rubygems.org/
  specs:
    haml (4.0.7)
      tilt
    rack (1.6.4)
    sass (3.4.20)
    tilt (1.4.1)

PLATFORMS
  ruby

DEPENDENCIES
  haml
  rack
  sass
